GEM
  remote: http://rubygems.org/
  specs:
    rake (0.9.2.2)
    sequel (3.38.0)
    sqlite3 (1.3.6)

PLATFORMS
  ruby

DEPENDENCIES
  rake
  sequel (~> 3.38.0)
  sqlite3
